GEM
  remote: https://api.rubygems.org/
  specs:
    execjs (2.2.1)
      rake
    hike (1.2.3)
      rake
    jekyll-assets (0.9.2)
      bundler (~> 1.6)
      jekyll (>= 1.0.0, < 3.0.0)
      sass (~> 3.2)
      sprockets (~> 2.10)
      sprockets-helpers
      sprockets-sass
    multi_json (1.10.1)
      bundler (~> 1.0)
    rack (1.5.2)
      bacon
      rake
    rdiscount (2.1.7.1)
    sprockets (2.12.1)
      closure-compiler
      coffee-script (~> 2.0)
      coffee-script-source (~> 1.2)
      eco (~> 1.0)
      ejs (~> 1.0)
      execjs (~> 1.0)
      hike (~> 1.2)
      json
      multi_json (~> 1.0)
      rack (~> 1.0)
      rack-test
      rake
      sass (~> 3.1)
      tilt (~> 1.1, != 1.3.0)
      uglifier
      yui-compressor
    sprockets-helpers (1.1.0)
      appraisal (~> 0.5)
      rake
      rspec (~> 2.13)
      sinatra (~> 1.4)
      sprockets (~> 2.0)
      test-construct (~> 1.2)
    sprockets-sass (1.2.0)
      appraisal (~> 0.5)
      compass (~> 1.0.0.alpha.19)
      pry
      rake
      rspec (~> 2.13)
      sass (~> 3.3)
      sprockets (~> 2.0)
      sprockets-helpers (~> 1.0)
      test_construct (~> 2.0)
      tilt (~> 1.1)
    tilt (1.4.1)
      RedCloth
      asciidoctor (>= 0.1.0)
      bluecloth
      builder
      coffee-script
      contest
      creole
      erubis
      haml (>= 2.2.11)
      kramdown
      less
      liquid
      markaby
      maruku
      nokogiri
      radius
      rdiscount
      rdoc
      rdoc
      redcarpet
      sass
      wikicloth
      yajl-ruby
    uglifier (2.5.3)
      bundler (~> 1.3)
      execjs (>= 0.3.0)
      json (>= 1.8.0)
      rake (~> 10.3.0)
      rdoc (>= 3.11)
      rspec (~> 3.0)
      source_map

GEM
  remote: https://rubygems.org/
  specs:
    blankslate (2.1.2.4)
    blockenspiel (0.4.5)
    bourbon (3.1.8)
      sass (>= 3.2.0)
      thor
    classifier (1.3.4)
      fast-stemmer (>= 1.0.0)
    colorator (0.1)
    commander (4.1.6)
      highline (~> 1.6.11)
    dotenv (0.10.0)
    fast-stemmer (1.0.2)
    ffi (1.9.3)
    fileutils (0.7)
      rmagick (>= 2.13.1)
    foreman (0.63.0)
      dotenv (>= 0.7)
      thor (>= 0.13.6)
    highline (1.6.21)
    httpclient (2.3.4.1)
    jekyll (1.5.1)
      classifier (~> 1.3)
      colorator (~> 0.1)
      commander (~> 4.1.3)
      liquid (~> 2.5.5)
      listen (~> 1.3)
      maruku (= 0.7.0)
      pygments.rb (~> 0.5.0)
      redcarpet (~> 2.3.0)
      safe_yaml (~> 1.0)
      toml (~> 0.1.0)
    json (1.8.1)
    liquid (2.5.5)
    listen (1.3.1)
      rb-fsevent (>= 0.9.3)
      rb-inotify (>= 0.9)
      rb-kqueue (>= 0.2)
    maruku (0.7.0)
    mini_portile (0.5.3)
    neat (1.6.0)
      bourbon (>= 3.1)
      sass (>= 3.3)
    nokogiri (1.6.1)
      mini_portile (~> 0.5.0)
    parslet (1.5.0)
      blankslate (~> 2.0)
    posix-spawn (0.3.8)
    pygments.rb (0.5.4)
      posix-spawn (~> 0.3.6)
      yajl-ruby (~> 1.1.0)
    rake (10.2.2)
    rb-fsevent (0.9.4)
    rb-inotify (0.9.3)
      ffi (>= 0.5.0)
    rb-kqueue (0.2.2)
      ffi (>= 0.5.0)
    redcarpet (2.3.0)
    reduce (0.3.0)
      smusher
    rmagick (2.13.2)
    safe_yaml (1.0.1)
    sass (3.3.4)
    smusher (0.4.9)
      httpclient (>= 2.2)
      json
      rake
    thor (0.19.1)
    toml (0.1.1)
      parslet (~> 1.5.0)
    versionomy (0.4.4)
      blockenspiel (>= 0.4.5)
    yajl-ruby (1.1.0)

PLATFORMS
  ruby

DEPENDENCIES
  blankslate (~> 2.0)
  blockenspiel (>= 0.4.5)
  bourbon
  classifier (~> 1.3)
  colorator (~> 0.1)
  commander (~> 4.1.3)
  dotenv (>= 0.7)
  execjs (>= 0.3.0)
  fast-stemmer (>= 1.0.0)
  ffi (>= 0.5.0)
  fileutils
  foreman
  highline (~> 1.6.11)
  hike (~> 1.2)
  httpclient (>= 2.2)
  jekyll
  jekyll-assets
  json
  liquid (~> 2.5.5)
  listen (~> 1.3)
  maruku (= 0.7.0)
  mini_portile (~> 0.5.0)
  multi_json (~> 1.0)
  neat
  nokogiri
  parslet (~> 1.5.0)
  posix-spawn (~> 0.3.6)
  pygments.rb (~> 0.5.0)
  rack (~> 1.0)
  rake
  rb-fsevent (>= 0.9.3)
  rb-inotify (>= 0.9)
  rb-kqueue (>= 0.2)
  rdiscount
  redcarpet (~> 2.3.0)
  reduce
  rmagick (>= 2.13.1)
  safe_yaml (~> 1.0)
  sass
  smusher
  sprockets (~> 2.10)
  sprockets-helpers
  sprockets-sass
  thor (>= 0.13.6)
  tilt (~> 1.1, != 1.3.0)
  toml (~> 0.1.0)
  uglifier
  versionomy
  yajl-ruby (~> 1.1.0)
